PATH
  remote: .
  specs:
    libera (1.0.4)
      fileutils (~> 1)
      nokogiri (~> 1.8)
      om (~> 3.1)
      pdf-reader (~> 2.1)
      rmagick (~> 2.16)
      rtesseract (~> 2.2)
      ruby-progressbar (~> 1.9)

GEM
  remote: https://rubygems.org/
  specs:
    Ascii85 (1.0.3)
    activemodel (6.0.3.1)
      activesupport (= 6.0.3.1)
    activesupport (6.0.3.1)
      concurrent-ruby (~> 1.0, >= 1.0.2)
      i18n (>= 0.7, < 2)
      minitest (~> 5.1)
      tzinfo (~> 1.1)
      zeitwerk (~> 2.2, >= 2.2.2)
    afm (0.2.2)
    concurrent-ruby (1.1.6)
    daemons (1.3.1)
    diff-lcs (1.3)
    fileutils (1.4.1)
    hashery (2.1.2)
    i18n (1.8.2)
      concurrent-ruby (~> 1.0)
    mini_portile2 (2.4.0)
    minitest (5.14.1)
    nokogiri (1.10.9)
      mini_portile2 (~> 2.4.0)
    om (3.2.0)
      activemodel (>= 5.1, < 7)
      activesupport
      nokogiri (>= 1.4.2)
      solrizer (~> 3.3)
    pdf-reader (2.4.0)
      Ascii85 (~> 1.0.0)
      afm (~> 0.2.1)
      hashery (~> 2.0)
      ruby-rc4
      ttfunk
    rake (13.0.1)
    rmagick (2.16.0)
    rspec (3.7.0)
      rspec-core (~> 3.7.0)
      rspec-expectations (~> 3.7.0)
      rspec-mocks (~> 3.7.0)
    rspec-core (3.7.1)
      rspec-support (~> 3.7.0)
    rspec-expectations (3.7.0)
      diff-lcs (>= 1.2.0, < 2.0)
      rspec-support (~> 3.7.0)
    rspec-mocks (3.7.0)
      diff-lcs (>= 1.2.0, < 2.0)
      rspec-support (~> 3.7.0)
    rspec-support (3.7.1)
    rtesseract (2.2.0)
      nokogiri
    ruby-progressbar (1.10.1)
    ruby-rc4 (0.1.5)
    solrizer (3.4.1)
      activesupport
      daemons
      nokogiri
      stomp
      xml-simple
    stomp (1.4.9)
    thread_safe (0.3.6)
    ttfunk (1.6.2.1)
    tzinfo (1.2.7)
      thread_safe (~> 0.1)
    xml-simple (1.1.5)
    zeitwerk (2.3.0)

PLATFORMS
  ruby

DEPENDENCIES
  bundler (~> 1.16)
  libera!
  rake (~> 13)
  rspec (~> 3)

BUNDLED WITH
   1.17.3
