PATH
  remote: .
  specs:
    libera (0.9.2)
      fileutils (~> 1.0.2)
      nokogiri (~> 1.8.2)
      om (~> 3.1.1)
      pdf-reader (~> 2.1.0)
      rmagick (~> 2.16.0)
      rtesseract (~> 2.2.0)
      ruby-progressbar (~> 1.9.0)

GEM
  remote: https://rubygems.org/
  specs:
    Ascii85 (1.0.3)
    activemodel (5.2.0)
      activesupport (= 5.2.0)
    activesupport (5.2.0)
      concurrent-ruby (~> 1.0, >= 1.0.2)
      i18n (>= 0.7, < 2)
      minitest (~> 5.1)
      tzinfo (~> 1.1)
    afm (0.2.2)
    concurrent-ruby (1.0.5)
    daemons (1.2.6)
    diff-lcs (1.3)
    fileutils (1.0.2)
    hashery (2.1.2)
    i18n (1.0.1)
      concurrent-ruby (~> 1.0)
    mini_portile2 (2.3.0)
    minitest (5.11.3)
    nokogiri (1.8.2)
      mini_portile2 (~> 2.3.0)
    om (3.1.1)
      activemodel
      activesupport
      nokogiri (>= 1.4.2)
      solrizer (~> 3.3)
    pdf-reader (2.1.0)
      Ascii85 (~> 1.0.0)
      afm (~> 0.2.1)
      hashery (~> 2.0)
      ruby-rc4
      ttfunk
    rake (10.5.0)
    rmagick (2.16.0)
    rspec (3.7.0)
      rspec-core (~> 3.7.0)
      rspec-expectations (~> 3.7.0)
      rspec-mocks (~> 3.7.0)
    rspec-core (3.7.1)
      rspec-support (~> 3.7.0)
    rspec-expectations (3.7.0)
      diff-lcs (>= 1.2.0, < 2.0)
      rspec-support (~> 3.7.0)
    rspec-mocks (3.7.0)
      diff-lcs (>= 1.2.0, < 2.0)
      rspec-support (~> 3.7.0)
    rspec-support (3.7.1)
    rtesseract (2.2.0)
      nokogiri
    ruby-progressbar (1.9.0)
    ruby-rc4 (0.1.5)
    solrizer (3.4.1)
      activesupport
      daemons
      nokogiri
      stomp
      xml-simple
    stomp (1.4.4)
    thread_safe (0.3.6)
    ttfunk (1.5.1)
    tzinfo (1.2.5)
      thread_safe (~> 0.1)
    xml-simple (1.1.5)

PLATFORMS
  ruby

DEPENDENCIES
  bundler (~> 1.16)
  libera!
  rake (~> 10.0)
  rspec (~> 3.0)

BUNDLED WITH
   1.16.1
